PATH
  remote: /Users/caleb/src/awestruct
  specs:
    awestruct (0.2.11)
      compass (>= 0.11.5)
      compass-960-plugin (<= 0.10.4)
      fssm (= 0.2.7)
      haml (<= 3.1.0)
      hashery (= 1.4.0)
      hpricot
      org-ruby (= 0.5.3)
      redcarpet
      sass (<= 3.1.0)
      tilt

GEM
  remote: http://rubygems.org/
  specs:
    async_sinatra (0.5.0)
      rack (>= 1.2.1)
      sinatra (>= 1.0)
    chunky_png (1.2.5)
    compass (0.11.6)
      chunky_png (~> 1.2)
      fssm (>= 0.2.7)
      sass (~> 3.1)
    compass-960-plugin (0.10.4)
      compass (>= 0.10.0)
    daemons (1.1.4)
    disqus (1.0.4)
      json
    eventmachine (0.12.10)
    fssm (0.2.7)
    haml (3.1.0)
    hashery (1.4.0)
    hpricot (0.8.5)
    json (1.6.3)
    mailfactory (1.4.0)
      mime-types (>= 1.13.1)
    mime-types (1.16)
    org-ruby (0.5.3)
      rubypants (>= 0.2.0)
    rack (1.3.5)
    rack-protection (1.1.4)
      rack
    rake (0.9.2.2)
    rb-fsevent (0.4.3.1)
    redcarpet (2.0.1)
    rubypants (0.2.0)
    sass (3.1.0)
    sdsykes-ferret (0.11.6.19)
      rake (> 0.0.0)
    sinatra (1.3.1)
      rack (>= 1.3.4, ~> 1.3)
      rack-protection (>= 1.1.2, ~> 1.1)
      tilt (>= 1.3.3, ~> 1.3)
    thin (1.3.1)
      daemons (>= 1.0.9)
      eventmachine (>= 0.12.6)
      rack (>= 1.0.0)
    tilt (1.3.3)

PLATFORMS
  ruby

DEPENDENCIES
  async_sinatra
  awestruct!
  disqus
  mailfactory
  rb-fsevent
  sdsykes-ferret
  sinatra
  thin
