GIT
  remote: git://github.com/simulacre/awestruct.git
  revision: 3e9595ba299a2f91d113690e45f446f33898618c
  specs:
    awestruct (0.2.11)
      compass (>= 0.11.5)
      compass-960-plugin (<= 0.10.4)
      fssm (= 0.2.7)
      haml (<= 3.1.0)
      hashery (= 1.4.0)
      liquid
      nokogiri
      org-ruby (= 0.5.3)
      redcarpet
      sass (<= 3.1.0)
      tilt

GIT
  remote: git://github.com/simulacre/octopress.git
  revision: cb7123f03b17a4d57f26c0393a0efa0ff9a8d9d3
  specs:
    octopress-plugins (0.0.1)
      pygments.rb

GIT
  remote: git://github.com/simulacre/tilt.git
  revision: 3780500ab6a248b9af5a09dea89419cd02941d2d
  branch: bug-119_redcarpet_extensions
  specs:
    tilt (1.3.3)

GEM
  remote: http://rubygems.org/
  specs:
    async_sinatra (0.5.0)
      rack (>= 1.2.1)
      sinatra (>= 1.0)
    blankslate (2.1.2.4)
    chunky_png (1.2.5)
    compass (0.11.7)
      chunky_png (~> 1.2)
      fssm (>= 0.2.7)
      sass (~> 3.1)
    compass-960-plugin (0.10.4)
      compass (>= 0.10.0)
    daemons (1.1.4)
    directory_watcher (1.4.1)
    disqus (1.0.4)
      json
    eventmachine (0.12.10)
    ffi (1.0.11)
    fssm (0.2.7)
    haml (3.1.0)
    hashery (1.4.0)
    json (1.6.3)
    liquid (2.3.0)
    mailfactory (1.4.0)
      mime-types (>= 1.13.1)
    mime-types (1.16)
    nokogiri (1.5.0)
    org-ruby (0.5.3)
      rubypants (>= 0.2.0)
    pygments.rb (0.2.4)
      rubypython (~> 0.5.3)
    rack (1.3.5)
    rack-protection (1.1.4)
      rack
    rake (0.9.2.2)
    rb-fsevent (0.4.3.1)
    rb-inotify (0.8.8)
      ffi (>= 0.5.0)
    redcarpet (2.1.0)
    rubypants (0.2.0)
    rubypython (0.5.3)
      blankslate (>= 2.1.2.3)
      ffi (~> 1.0.7)
    sass (3.1.0)
    sdsykes-ferret (0.11.6.19)
      rake (> 0.0.0)
    sinatra (1.3.1)
      rack (~> 1.3, >= 1.3.4)
      rack-protection (~> 1.1, >= 1.1.2)
      tilt (~> 1.3, >= 1.3.3)
    thin (1.3.1)
      daemons (>= 1.0.9)
      eventmachine (>= 0.12.6)
      rack (>= 1.0.0)

PLATFORMS
  ruby

DEPENDENCIES
  async_sinatra
  awestruct!
  daemons
  directory_watcher
  disqus
  mailfactory
  octopress-plugins!
  rb-fsevent
  rb-inotify
  sdsykes-ferret
  sinatra
  thin
  tilt!
