PATH
  remote: /Users/caleb/src/awestruct
  specs:
    awestruct (0.2.10)
      RedCloth (<= 4.2.5)
      compass (>= 0.11.5)
      compass-960-plugin (<= 0.10.4)
      fssm (= 0.2.7)
      haml (<= 3.1.0)
      hashery (= 1.4.0)
      hpricot
      org-ruby (= 0.5.3)
      rdiscount (= 1.6.8)
      sass (<= 3.1.0)

GEM
  remote: http://rubygems.org/
  specs:
    RedCloth (4.2.5)
    chunky_png (1.2.5)
    compass (0.11.6)
      chunky_png (~> 1.2)
      fssm (>= 0.2.7)
      sass (~> 3.1)
    compass-960-plugin (0.10.4)
      compass (>= 0.10.0)
    fssm (0.2.7)
    haml (3.1.0)
    hashery (1.4.0)
    hpricot (0.8.5)
    org-ruby (0.5.3)
      rubypants (>= 0.2.0)
    rb-fsevent (0.4.3.1)
    rdiscount (1.6.8)
    rubypants (0.2.0)
    sass (3.1.0)

PLATFORMS
  ruby

DEPENDENCIES
  awestruct!
  rb-fsevent
